GEM
  remote: https://rubygems.org/
  specs:
    activesupport (4.0.1)
      i18n (~> 0.6, >= 0.6.4)
      minitest (~> 4.2)
      multi_json (~> 1.3)
      thread_safe (~> 0.1)
      tzinfo (~> 0.3.37)
    afmotion (2.4.1)
      motion-cocoapods (>= 1.4.1)
      motion-require (>= 0.1)
    bubble-wrap (1.7.1)
      bubble-wrap-http (= 1.7.1)
    bubble-wrap-http (1.7.1)
    claide (0.7.0)
    cocoapods (0.35.0)
      activesupport (>= 3.2.15)
      claide (~> 0.7.0)
      cocoapods-core (= 0.35.0)
      cocoapods-downloader (~> 0.8.0)
      cocoapods-plugins (~> 0.3.1)
      cocoapods-trunk (~> 0.4.1)
      cocoapods-try (~> 0.4.2)
      colored (~> 1.2)
      escape (~> 0.0.4)
      molinillo (~> 0.1.2)
      nap (~> 0.8)
      open4 (~> 1.3)
      xcodeproj (~> 0.20.2)
    cocoapods-core (0.35.0)
      activesupport (>= 3.2.15)
      fuzzy_match (~> 2.0.4)
      nap (~> 0.8.0)
    cocoapods-downloader (0.8.0)
    cocoapods-plugins (0.3.2)
      nap
    cocoapods-trunk (0.4.1)
      nap (>= 0.8)
      netrc (= 0.7.8)
    cocoapods-try (0.4.2)
    colored (1.2)
    escape (0.0.4)
    fuzzy_match (2.0.4)
    i18n (0.7.0)
    ib (0.7.2)
      thor (~> 0.15.4)
      tilt (~> 1.4.1)
      xcodeproj (~> 0.17)
    minitest (4.7.5)
    molinillo (0.1.2)
    motion-cocoapods (1.7.0)
      cocoapods (>= 0.34)
    motion-layout (0.0.2)
    motion-require (0.2.0)
    multi_json (1.10.1)
    nap (0.8.0)
    netrc (0.7.8)
    open4 (1.3.4)
    rake (10.4.2)
    thor (0.15.4)
    thread_safe (0.3.4)
    tilt (1.4.1)
    tzinfo (0.3.42)
    xcodeproj (0.20.2)
      activesupport (>= 3)
      colored (~> 1.2)

PLATFORMS
  ruby

DEPENDENCIES
  afmotion
  bubble-wrap (~> 1.7.1)
  ib
  motion-layout
  rake
